GEM
  remote: http://rubygems.org/
  specs:
    activemodel (3.1.1)
      activesupport (= 3.1.1)
      builder (~> 3.0.0)
      i18n (~> 0.6)
    activesupport (3.1.1)
      multi_json (~> 1.0)
    bson (1.4.0)
    bson_ext (1.4.0)
    builder (3.0.0)
    chunky_png (1.2.4)
    compass (0.11.5)
      chunky_png (~> 1.2)
      fssm (>= 0.2.7)
      sass (~> 3.1)
    fssm (0.2.7)
    i18n (0.6.0)
    mongo (1.4.0)
      bson (= 1.4.0)
    mongoid (2.2.0)
      activemodel (~> 3.0)
      mongo (~> 1.3)
      tzinfo (~> 0.3.22)
    multi_json (1.0.3)
    rack (1.3.3)
    sass (3.1.7)
    shotgun (0.9)
      rack (>= 1.0)
    sinatra (1.2.6)
      rack (~> 1.1)
      tilt (< 2.0, >= 1.2.2)
    slim (1.0.2)
      temple (~> 0.3.3)
      tilt (~> 1.3.2)
    temple (0.3.4)
    tilt (1.3.3)
    tzinfo (0.3.30)

PLATFORMS
  ruby

DEPENDENCIES
  bson_ext (~> 1.4)
  compass
  mongoid (= 2.2)
  sass
  shotgun
  sinatra
  slim
