GEM
  remote: http://rubygems.org/
  specs:
    chunky_png (1.2.4)
    compass (0.11.5)
      chunky_png (~> 1.2)
      fssm (>= 0.2.7)
      sass (~> 3.1)
    fssm (0.2.7)
    i18n (0.6.0)
    mail (2.3.0)
      i18n (>= 0.4.0)
      mime-types (~> 1.16)
      treetop (~> 1.4.8)
    mime-types (1.16)
    polyglot (0.3.2)
    pony (1.3)
      mail (> 2.0)
    rack (1.3.3)
    sass (3.1.7)
    sinatra (1.2.6)
      rack (~> 1.1)
      tilt (< 2.0, >= 1.2.2)
    slim (1.0.2)
      temple (~> 0.3.3)
      tilt (~> 1.3.2)
    temple (0.3.4)
    tilt (1.3.3)
    treetop (1.4.10)
      polyglot
      polyglot (>= 0.3.1)

PLATFORMS
  ruby

DEPENDENCIES
  compass
  pony
  sass
  sinatra
  slim
